GEM
  remote: https://rubygems.org/
  specs:
    activesupport (3.2.11)
      i18n (~> 0.6)
      multi_json (~> 1.0)
    brstring (3.3.0)
      activesupport (>= 3.0.0)
    daemons (1.1.9)
    eventmachine (1.0.0)
    haml (3.1.7)
    i18n (0.6.1)
    multi_json (1.5.0)
    rack (1.5.1)
    rack-protection (1.3.2)
      rack
    sinatra (1.3.4)
      rack (~> 1.4)
      rack-protection (~> 1.3)
      tilt (~> 1.3, >= 1.3.3)
    thin (1.5.0)
      daemons (>= 1.0.9)
      eventmachine (>= 0.12.6)
      rack (>= 1.0.0)
    tilt (1.3.3)

PLATFORMS
  ruby

DEPENDENCIES
  brstring
  haml
  sinatra
  thin
